PATH
  remote: .
  specs:
    PackingPeanut (0.1.0)

GEM
  remote: https://rubygems.org/
  specs:
    moran (0.0.1)
      motion-gradle
    motion-gradle (1.0.3)
    rake (10.4.2)

PLATFORMS
  ruby

DEPENDENCIES
  PackingPeanut!
  moran
  rake
