PATH
  remote: .
  specs:
    PackingPeanut (1.2.0)
      moran

GEM
  remote: https://rubygems.org/
  specs:
    moran (0.6.5)
      motion-gradle
    motion-gradle (1.0.3)
    rake (10.4.2)

PLATFORMS
  ruby

DEPENDENCIES
  PackingPeanut!
  motion-gradle
  rake
