PATH
  remote: .
  specs:
    PackingPeanut (0.0.3)

GEM
  remote: https://rubygems.org/
  specs:
    rake (10.4.2)

PLATFORMS
  ruby

DEPENDENCIES
  PackingPeanut!
  rake
